GEM
  remote: https://rubygems.org/
  specs:
    builder (3.2.3)
    faraday (0.15.4)
      multipart-post (>= 1.2, < 3)
    geminabox (1.1.1)
      builder
      faraday
      httpclient (>= 2.2.7)
      nesty
      reentrant_flock
      sinatra (>= 1.2.7)
    httpclient (2.8.3)
    kgio (2.11.2)
    multipart-post (2.1.1)
    mustermann (1.0.3)
    nesty (1.0.2)
    rack (2.0.7)
    rack-protection (2.0.5)
      rack
    raindrops (0.19.0)
    reentrant_flock (0.1.1)
    sinatra (2.0.5)
      mustermann (~> 1.0)
      rack (~> 2.0)
      rack-protection (= 2.0.5)
      tilt (~> 2.0)
    tilt (2.0.9)
    unicorn (5.5.1)
      kgio (~> 2.6)
      raindrops (~> 0.7)

PLATFORMS
  ruby

DEPENDENCIES
  geminabox
  sinatra (>= 2.0.2)
  unicorn

BUNDLED WITH
   1.17.2
